GEM
  remote: http://rubygems.org/
  specs:
    cul-ldap (0.0.1)
      net-ldap (~> 0.16)
    mustermann (1.0.3)
    net-ldap (0.16.1)
    rack (2.0.6)
    rack-protection (2.0.4)
      rack
    shotgun (0.9.2)
      rack (>= 1.0)
    sinatra (2.0.4)
      mustermann (~> 1.0)
      rack (~> 2.0)
      rack-protection (= 2.0.4)
      tilt (~> 2.0)
    sinatra-flash (0.3.0)
      sinatra (>= 1.0.0)
    slim (4.0.1)
      temple (>= 0.7.6, < 0.9)
      tilt (>= 2.0.6, < 2.1)
    temple (0.8.0)
    tilt (2.0.8)

PLATFORMS
  ruby

DEPENDENCIES
  cul-ldap
  shotgun
  sinatra
  sinatra-flash
  slim

RUBY VERSION
   ruby 2.5.1p57

BUNDLED WITH
   1.16.2
